GEM
  remote: https://rubygems.org/
  specs:
    awesome_print (1.0.2)
    directory_watcher (1.4.1)
    flickr_badge_maker (0.0.1)
      awesome_print (~> 1.0)
      flickraw (~> 0.9)
    flickraw (0.9.6)
    mustache (0.99.4)
    nokogiri (1.5.9)
    psych (1.3.4)
    rack (1.5.2)
    redcarpet (2.3.0)
    ruhoh (2.1.lf3)
      directory_watcher (~> 1.4.0)
      mustache (~> 0.99)
      nokogiri (~> 1.5)
      rack (~> 1.4)
      redcarpet (~> 2.1)

PLATFORMS
  ruby

DEPENDENCIES
  flickr_badge_maker (~> 0.0)
  psych (~> 1.3)
  ruhoh (= 2.1.lf3)
